PATH
  remote: .
  specs:
    ruby_ast_gen (0.16.0)

GEM
  remote: https://rubygems.org/
  specs:
    ast (2.4.2)
    diff-lcs (1.5.1)
    logger (1.6.1)
    ostruct (0.6.0)
    parser (3.3.5.0)
      ast (~> 2.4.1)
      racc
    racc (1.8.1)
    racc (1.8.1-java)
    rake (13.2.1)
    rspec (3.13.0)
      rspec-core (~> 3.13.0)
      rspec-expectations (~> 3.13.0)
      rspec-mocks (~> 3.13.0)
    rspec-core (3.13.1)
      rspec-support (~> 3.13.0)
    rspec-expectations (3.13.3)
      diff-lcs (>= 1.2.0, < 2.0)
      rspec-support (~> 3.13.0)
    rspec-mocks (3.13.2)
      diff-lcs (>= 1.2.0, < 2.0)
      rspec-support (~> 3.13.0)
    rspec-support (3.13.1)
    slop (4.10.1)

PLATFORMS
  arm64-darwin-24
  ruby
  universal-java-21

DEPENDENCIES
  logger (~> 1.6)
  ostruct (~> 0.6.0)
  parser (~> 3.3)
  rake (~> 13.0)
  rspec (~> 3.0)
  ruby_ast_gen!
  slop (~> 4.10)

BUNDLED WITH
   2.5.21
